PATH
  remote: .
  specs:
    html2slim (0.0.1)
      hpricot

GEM
  remote: https://rubygems.org/
  specs:
    hpricot (0.8.6)
    minitest (4.7.1)
    rake (0.8.7)
    slim (1.3.8)
      temple (~> 0.6.3)
      tilt (~> 1.3.3)
    temple (0.6.4)
    tilt (1.3.7)

PLATFORMS
  ruby

DEPENDENCIES
  html2slim!
  minitest
  rake
  slim (>= 1.0.0)
