PATH
  remote: .
  specs:
    html2slim (0.0.3)
      hpricot

GEM
  remote: https://rubygems.org/
  specs:
    hpricot (0.8.6)
    minitest (5.0.7)
    rake (10.1.0)
    slim (2.0.1)
      temple (~> 0.6.6)
      tilt (>= 1.3.3, < 2.1)
    temple (0.6.6)
    tilt (1.4.1)

PLATFORMS
  ruby

DEPENDENCIES
  html2slim!
  minitest
  rake
  slim (>= 1.0.0)
